PATH
  remote: .
  specs:
    scheduler_daemon_robertcigan (1.1.3)
      activesupport
      chronic (>= 0.2.0)
      daemons (>= 1.0.10)
      eventmachine (>= 0.12.8)
      rufus-scheduler (>= 2.0.1)

GEM
  remote: http://rubygems.org/
  specs:
    activesupport (3.2.12)
      i18n (~> 0.6)
      multi_json (~> 1.0)
    chronic (0.9.1)
    daemons (1.1.9)
    eventmachine (1.0.0)
    i18n (0.6.2)
    multi_json (1.6.1)
    rufus-scheduler (2.0.17)
      tzinfo (>= 0.3.23)
    tzinfo (0.3.35)

PLATFORMS
  ruby

DEPENDENCIES
  activesupport
  chronic (>= 0.2.0)
  daemons (>= 1.0.10)
  eventmachine (>= 0.12.8)
  rufus-scheduler (>= 2.0.1)
  scheduler_daemon_robertcigan!
